GIT
  remote: http://github.com/jrallison/authlogic_oauth.git
  revision: 541626973b317b75d3645fb5108d0006322adaf2
  specs:
    authlogic-oauth (1.0.8)
      activesupport

GEM
  remote: http://rubygems.org/
  specs:
    actionmailer (2.3.9)
      actionpack (= 2.3.9)
    actionpack (2.3.9)
      activesupport (= 2.3.9)
      rack (~> 1.1.0)
    activerecord (2.3.9)
      activesupport (= 2.3.9)
    activerecord-jdbc-adapter (0.9.7-java)
    activerecord-jdbcmysql-adapter (0.9.7-java)
      activerecord-jdbc-adapter (= 0.9.7)
      jdbc-mysql (>= 5.0.4)
    activeresource (2.3.9)
      activesupport (= 2.3.9)
    activesupport (2.3.9)
    acts-as-taggable-on (2.0.6)
    addressable (2.2.1)
    annotate (2.4.0)
    authlogic (2.1.3)
      activesupport
    bouncy-castle-java (1.5.0145.2)
    builder (2.1.2)
    capybara (0.3.9)
      culerity (>= 0.2.4)
      mime-types (>= 1.16)
      nokogiri (>= 1.3.3)
      rack (>= 1.0.0)
      rack-test (>= 0.5.4)
      selenium-webdriver (>= 0.0.3)
    configuration (1.1.0)
    crack (0.1.8)
    cucumber (0.9.0)
      builder (~> 2.1.2)
      diff-lcs (~> 1.1.2)
      gherkin (~> 2.2.2)
      json (~> 1.4.6)
      term-ansicolor (~> 1.0.5)
    cucumber-rails (0.3.2)
      cucumber (>= 0.8.0)
    culerity (0.2.12)
    daemons (1.1.0)
    database_cleaner (0.5.2)
    delayed_job (2.0.3)
      daemons
    diff-lcs (1.1.2)
    factory_girl (1.3.2)
    ffi (0.6.3-java)
    formtastic (0.9.7)
      actionpack (>= 2.3.0)
      activesupport (>= 2.3.0)
    gem_plugin (0.2.3)
    geokit (1.5.0)
    gherkin (2.2.4-java)
      json (~> 1.4.6)
      term-ansicolor (~> 1.0.5)
      trollop (~> 1.16.2)
    haml (3.0.18)
    hashie (0.1.8)
    hoptoad_notifier (2.2.6)
      activesupport
    httparty (0.4.5)
      crack (>= 0.1.1)
    jasmine (1.0.0)
      json_pure (>= 1.4.3)
      rack (>= 1.0.0)
      rake (>= 0.8.7)
      rspec (>= 1.1.5)
      selenium-client (>= 1.2.17)
      selenium-rc (>= 2.1.0)
    jdbc-mysql (5.0.4)
    jruby-openssl (0.7.1)
      bouncy-castle-java
    json (1.4.6-java)
    json-jruby (1.4.6-java)
      json (= 1.4.6)
    json_pure (1.4.6)
    launchy (0.3.7)
      configuration (>= 0.0.5)
      rake (>= 0.8.1)
    mime-types (1.16)
    mongrel (1.1.5-java)
      gem_plugin (>= 0.2.3)
    neo4j (0.4.6)
    nokogiri (1.4.3.1-java)
      weakling (>= 0.0.3)
    oauth (0.3.6)
      ruby-hmac (>= 0.3.1)
    pickle (0.4.2)
      cucumber (>= 0.8)
      rake
      rspec (>= 1.3)
      yard
    rack (1.1.0)
    rack-test (0.5.5)
      rack (>= 1.0)
    rails (2.3.9)
      actionmailer (= 2.3.9)
      actionpack (= 2.3.9)
      activerecord (= 2.3.9)
      activeresource (= 2.3.9)
      activesupport (= 2.3.9)
      rake (>= 0.8.3)
    rake (0.8.7)
    remarkable (3.1.13)
      rspec (>= 1.2.0)
    remarkable_activerecord (3.1.13)
      remarkable (~> 3.1.13)
      rspec (>= 1.2.0)
    remarkable_rails (3.1.13)
      remarkable (~> 3.1.13)
      remarkable_activerecord (~> 3.1.13)
      rspec (>= 1.2.0)
      rspec-rails (>= 1.2.0)
    rest-client (1.6.0)
      mime-types (>= 1.16)
    rspec (1.3.0)
    rspec-rails (1.3.2)
      rack (>= 1.0.0)
      rspec (>= 1.3.0)
    ruby-hmac (0.4.0)
    searchlogic (2.4.14)
      activerecord (>= 2.0.0)
    selenium-client (1.2.18)
    selenium-rc (2.2.4)
      selenium-client (>= 1.2.18)
    selenium-webdriver (0.0.23)
      ffi (>= 0.6.1)
      json_pure
    settingslogic (2.0.3)
    term-ansicolor (1.0.5)
    trollop (1.16.2)
    twitter (0.8.4)
      hashie (~> 0.1.3)
      httparty (~> 0.4.3)
      oauth (~> 0.3.6)
    weakling (0.0.4-java)
    webmock (1.3.4)
      addressable (>= 2.1.1)
      crack (>= 0.1.7)
    yard (0.6.1)

PLATFORMS
  java

DEPENDENCIES
  activerecord-jdbcmysql-adapter
  acts-as-taggable-on (= 2.0.6)
  annotate
  authlogic (= 2.1.3)
  authlogic-oauth!
  bundler
  capybara
  cucumber-rails
  database_cleaner
  delayed_job (~> 2.0.0)
  factory_girl
  formtastic (= 0.9.7)
  geokit (= 1.5.0)
  haml (~> 3.0.0)
  hoptoad_notifier (~> 2.2.0)
  jasmine
  jdbc-mysql
  jruby-openssl
  json-jruby (>= 1.4.1)
  launchy
  mongrel
  neo4j (= 0.4.6)
  nokogiri (= 1.4.3.1)
  oauth (= 0.3.6)
  pickle
  rails (~> 2.3.9)
  remarkable_rails
  rest-client (= 1.6.0)
  rspec
  rspec-rails
  searchlogic (= 2.4.14)
  selenium-webdriver (= 0.0.23)
  settingslogic (= 2.0.3)
  term-ansicolor
  twitter (= 0.8.4)
  webmock (= 1.3.4)
